GEM
  remote: https://rubygems.org/
  specs:
    chronic (0.10.2)
    daemons (1.1.9)
    eventmachine (1.0.3)
    json (1.7.7)
    rack (1.5.2)
    rack-protection (1.5.0)
      rack
    sinatra (1.4.3)
      rack (~> 1.4)
      rack-protection (~> 1.4)
      tilt (~> 1.3, >= 1.3.4)
    thin (1.6.0)
      daemons (>= 1.0.9)
      eventmachine (>= 1.0.0)
      rack (>= 1.5.0)
    tilt (1.4.1)

PLATFORMS
  ruby

DEPENDENCIES
  chronic
  json
  sinatra
  thin
